PATH
  remote: .
  specs:
    termclock (0.1.0)

GEM
  remote: https://rubygems.org/
  specs:
    io-console (0.5.6)
    irb (1.3.1)
      reline (>= 0.1.5)
    linux_stat (1.3.0)
    rake (13.0.3)
    reline (0.2.1)
      io-console (~> 0.5)

PLATFORMS
  x86_64-linux

DEPENDENCIES
  irb
  linux_stat (~> 1.3.0)
  rake (~> 13.0)
  termclock!

BUNDLED WITH
   2.2.4
