PATH
  remote: .
  specs:
    termclock (0.6.0)
      linux_stat (>= 2.2.2)

GEM
  remote: https://rubygems.org/
  specs:
    io-console (0.5.8)
    irb (1.3.4)
      reline (>= 0.1.5)
    linux_stat (2.2.2)
    rake (13.0.3)
    reline (0.2.4)
      io-console (~> 0.5)

PLATFORMS
  x86_64-linux

DEPENDENCIES
  irb
  rake (~> 13.0)
  termclock!

BUNDLED WITH
   2.2.4
