PATH
  remote: .
  specs:
    termclock (1.0.0)
      linux_stat (>= 2.2.2)

GEM
  remote: https://rubygems.org/
  specs:
    io-console (0.5.9)
    irb (1.3.6)
      reline (>= 0.2.5)
    linux_stat (2.3.0)
    rake (13.0.3)
    reline (0.2.6)
      io-console (~> 0.5)

PLATFORMS
  ruby
  x86_64-linux

DEPENDENCIES
  irb
  rake (~> 13.0)
  termclock!

BUNDLED WITH
   2.2.4
