PATH
  remote: .
  specs:
    termclock (0.5.0)
      linux_stat (>= 1.5.1)

GEM
  remote: https://rubygems.org/
  specs:
    io-console (0.5.7)
    irb (1.3.2)
      reline (>= 0.1.5)
    linux_stat (1.5.1)
    rake (13.0.3)
    reline (0.2.2)
      io-console (~> 0.5)

PLATFORMS
  x86_64-linux

DEPENDENCIES
  irb
  rake (~> 13.0)
  termclock!

BUNDLED WITH
   2.2.4
