PATH
  remote: .
  specs:
    termclock (0.5.3)
      linux_stat (>= 2.2.0)

GEM
  remote: https://rubygems.org/
  specs:
    io-console (0.5.7)
    irb (1.3.3)
      reline (>= 0.1.5)
    linux_stat (2.2.0)
    rake (13.0.3)
    reline (0.2.3)
      io-console (~> 0.5)

PLATFORMS
  x86_64-linux

DEPENDENCIES
  irb
  rake (~> 13.0)
  termclock!

BUNDLED WITH
   2.2.4
